GEM
  remote: https://rubygems.org/
  specs:
    minitest (5.11.3)

PLATFORMS
  x64-mingw32

DEPENDENCIES
  minitest

BUNDLED WITH
   2.0.2
